GIT
  remote: git://github.com/justinfrench/formtastic.git
  revision: a35c7a5
  ref: rails3
  specs:
    formtastic (1.0.0.rc)
      actionpack (>= 2.3.0)
      activesupport (>= 2.3.0)
      i18n (>= 0.4.0)

GIT
  remote: git://github.com/mislav/will_paginate.git
  revision: fccbb0b
  ref: rails3
  specs:
    will_paginate (3.0.pre2)

GEM
  remote: http://rubygems.org/
  specs:
    SystemTimer (1.2)
    abstract (1.0.0)
    actionmailer (3.0.0.rc)
      actionpack (= 3.0.0.rc)
      mail (~> 2.2.5)
    actionpack (3.0.0.rc)
      activemodel (= 3.0.0.rc)
      activesupport (= 3.0.0.rc)
      builder (~> 2.1.2)
      erubis (~> 2.6.6)
      i18n (~> 0.4.1)
      rack (~> 1.2.1)
      rack-mount (~> 0.6.9)
      rack-test (~> 0.5.4)
      tzinfo (~> 0.3.22)
    activemodel (3.0.0.rc)
      activesupport (= 3.0.0.rc)
      builder (~> 2.1.2)
      i18n (~> 0.4.1)
    activerecord (3.0.0.rc)
      activemodel (= 3.0.0.rc)
      activesupport (= 3.0.0.rc)
      arel (~> 0.4.0)
      tzinfo (~> 0.3.22)
    activeresource (3.0.0.rc)
      activemodel (= 3.0.0.rc)
      activesupport (= 3.0.0.rc)
    activesupport (3.0.0.rc)
    addresslogic (1.2.1)
    arel (0.4.0)
      activesupport (>= 3.0.0.beta)
    barista (0.5.0)
      open4
    bhm-google-maps (0.1.3)
    bluecloth (2.0.7)
    builder (2.1.2)
    closure-compiler (0.3.2)
    compass (0.10.4.pre.4)
      haml (>= 3.0.4)
    compass-960-plugin (0.9.13)
      compass (>= 0.10.0.rc3)
    compass-colors (0.3.1)
      compass (>= 0.8.7)
    crack (0.1.8)
    erubis (2.6.6)
      abstract (>= 1.0.0)
    failtale-reporter (0.2.3)
      httparty
    fancy-buttons (0.5.5)
      compass (>= 0.10.0)
      haml (>= 3.0.2)
    fastercsv (1.5.3)
    flickraw (0.8.2)
      json (>= 1.1.1)
    forgery (0.3.4)
    geokit (1.5.0)
    haml (3.0.15)
    has_scope (0.5.0)
    hominid (2.1.5)
    httparty (0.6.1)
      crack (= 0.1.8)
    i18n (0.4.1)
    inherited_resources (1.1.2)
      has_scope (~> 0.5.0)
      responders (~> 0.6.0)
    jammit (0.5.1)
      closure-compiler (>= 0.1.0)
      yui-compressor (>= 0.9.1)
    json (1.4.4)
    json_pure (1.4.5)
    liquid (2.1.3)
    macaddr (1.0.0)
    mail (2.2.5)
      activesupport (>= 2.3.6)
      mime-types
      treetop (>= 1.4.5)
    mail_form (1.3.0)
    mime-types (1.16)
    msales-carmen (0.1.4)
    mysql (2.8.1)
    newrelic_rpm (2.12.3)
    open4 (1.0.1)
    polyglot (0.3.1)
    pseudocephalopod (0.2.4)
      activerecord (>= 3.0.0.beta2)
      activesupport (>= 3.0.0.beta2)
      uuid
    rack (1.2.1)
    rack-failtale (0.1.1)
      failtale-reporter (= 0.2.3)
    rack-mount (0.6.9)
      rack (>= 1.0.0)
    rack-test (0.5.4)
      rack (>= 1.0)
    rails (3.0.0.rc)
      actionmailer (= 3.0.0.rc)
      actionpack (= 3.0.0.rc)
      activerecord (= 3.0.0.rc)
      activeresource (= 3.0.0.rc)
      activesupport (= 3.0.0.rc)
      bundler (>= 1.0.0.rc.1)
      railties (= 3.0.0.rc)
    rails3-generators (0.12.1)
    railties (3.0.0.rc)
      actionpack (= 3.0.0.rc)
      activesupport (= 3.0.0.rc)
      rake (>= 0.8.3)
      thor (~> 0.14.0)
    rake (0.8.7)
    redgreen (1.2.2)
    redis (2.0.5)
    redis-namespace (0.8.0)
      redis (< 3.0.0)
    redisk (0.2.1)
      redis (>= 0.1.1)
      redis-namespace (>= 0.1.0)
    responders (0.6.2)
    resque (1.9.9)
      json_pure (~> 1.4.0)
      redis-namespace (~> 0.8.0)
      sinatra (>= 0.9.2)
      vegas (~> 0.1.2)
    resque-status (0.1.4)
      redisk (>= 0.2.1)
      resque (>= 1.3.1)
      uuid (>= 2.0.2)
    rpx_now (0.6.23)
      json_pure
    ruby-googlechart (0.6.4)
    show_for (0.2.3)
    shuriken (0.1.4)
    sinatra (1.0)
      rack (>= 1.0)
    sitemap_generator (1.0.1)
    state_machine (0.9.4)
    stringex (1.1.0)
    thor (0.14.0)
    title_estuary (1.2.0)
    treetop (1.4.8)
      polyglot (>= 0.3.1)
    tzinfo (0.3.22)
    uuid (2.3.1)
      macaddr (~> 1.0)
    validation_reflection (0.3.8)
    vegas (0.1.7)
      rack (>= 1.0.0)
    yard (0.5.8)
    youthtree-controller-ext (0.1.0)
      activesupport (>= 3.0.0.beta4)
    youthtree-js (0.1.1)
    youthtree-settings (0.1.1)
      activesupport (>= 3.0.0.beta4)
    yui-compressor (0.9.1)

PLATFORMS
  ruby

DEPENDENCIES
  SystemTimer
  addresslogic (>= 1.2.1)
  barista (>= 0.4.2)
  bhm-google-maps (>= 0.1.3)
  bluecloth
  compass (>= 0.10.0.rc3)
  compass-960-plugin (>= 0.9.13)
  compass-colors (>= 0.3.1)
  fancy-buttons (>= 0.5.1)
  fastercsv
  flickraw
  forgery (>= 0.3.4)
  formtastic (>= 1.0.0.beta)!
  geokit (>= 1.5.0)
  haml (>= 3.0.0.rc.3)
  hominid (>= 2.1.1)
  inherited_resources (>= 1.1.2)
  jammit (>= 0.5.0)
  json
  json_pure (>= 1.4.5)
  liquid
  mail_form (>= 1.2.1)
  msales-carmen (>= 0.1.4)
  mysql (>= 2.8.1)
  newrelic_rpm
  pseudocephalopod (>= 0.2.1)
  rack-failtale
  rails (= 3.0.0.rc)
  rails3-generators
  redgreen
  responders (>= 0.6.0)
  resque
  resque-status
  rpx_now
  ruby-googlechart (>= 0.6.4)
  show_for (>= 0.2.1)
  shuriken (>= 0.1.4)
  sitemap_generator
  state_machine (>= 0.9.0)
  stringex
  title_estuary (>= 1.2.0)
  uuid
  validation_reflection (>= 0.3.6)
  will_paginate (>= 3.0.pre2)!
  yard
  youthtree-controller-ext
  youthtree-js (>= 0.1.1)
  youthtree-settings
