GIT
  remote: git://github.com/kuldarkrabbi/authlogic_rpx.git
  revision: cb2b49453afb71344fa3653057a8df563776d76c
  specs:
    authlogic_rpx (1.1.1)
      authlogic (>= 2.1.3)
      rpx_now (>= 0.6.12)

GIT
  remote: git://github.com/kurbmedia/authlogic.git
  revision: 025d9baf7f15e6becf3cdeb2154931b4b70cdad1
  specs:
    authlogic (2.1.6)
      activesupport

GIT
  remote: git://github.com/mislav/will_paginate.git
  revision: b1a5beeec9f56ecbe3594fcdca76d92b6767ce50
  ref: rails3
  specs:
    will_paginate (3.0.pre3)

GIT
  remote: git://github.com/miyucy/annotate_models.git
  revision: ace84ab47a21a0fcbbed431051ea3a140a4f99f9
  specs:
    annotate (2.4.0)

GIT
  remote: git://github.com/pluginaweek/state_machine.git
  revision: e625d2645a71fb5bc50ca61553b59b4890444508
  specs:
    state_machine (0.9.4)

GEM
  remote: http://rubygems.org/
  specs:
    SystemTimer (1.2.1)
    ZenTest (4.4.0)
    abstract (1.0.0)
    actionmailer (3.0.3)
      actionpack (= 3.0.3)
      mail (~> 2.2.9)
    actionpack (3.0.3)
      activemodel (= 3.0.3)
      activesupport (= 3.0.3)
      builder (~> 2.1.2)
      erubis (~> 2.6.6)
      i18n (~> 0.4)
      rack (~> 1.2.1)
      rack-mount (~> 0.6.13)
      rack-test (~> 0.5.6)
      tzinfo (~> 0.3.23)
    activemodel (3.0.3)
      activesupport (= 3.0.3)
      builder (~> 2.1.2)
      i18n (~> 0.4)
    activerecord (3.0.3)
      activemodel (= 3.0.3)
      activesupport (= 3.0.3)
      arel (~> 2.0.2)
      tzinfo (~> 0.3.23)
    activeresource (3.0.3)
      activemodel (= 3.0.3)
      activesupport (= 3.0.3)
    activesupport (3.0.3)
    addresslogic (1.2.1)
    arel (2.0.4)
    autotest-fsevent (0.2.3)
      sys-uname
    autotest-growl (0.2.6)
    awesome_print (0.2.1)
    barista (0.7.0.pre2)
      coffee-script (~> 2.1.1)
    bhm-google-maps (0.2.1)
    builder (2.1.2)
    campaigning (0.15.0)
      soap4r (~> 1.5.0)
    capistrano (2.5.19)
      highline
      net-scp (>= 1.0.0)
      net-sftp (>= 2.0.0)
      net-ssh (>= 2.0.14)
      net-ssh-gateway (>= 1.0.0)
    closure-compiler (0.3.3)
    coffee-script (2.1.1)
      coffee-script-source
    coffee-script-source (0.9.5)
    columnize (0.3.2)
    compass (0.10.6)
      haml (>= 3.0.4)
    compass-960-plugin (0.10.0)
      compass (>= 0.10.0)
    compass-colors (0.3.1)
      compass (>= 0.8.7)
    diff-lcs (1.1.2)
    erubis (2.6.6)
      abstract (>= 1.0.0)
    fancy-buttons (1.0.4)
      compass (>= 0.10.6)
    fastercsv (1.5.3)
    flickraw (0.8.3)
      json (>= 1.1.1)
    forgery (0.3.6)
    formtastic (1.2.1)
      actionpack (>= 2.3.7)
      activesupport (>= 2.3.7)
      i18n (>= 0.4.0)
    geokit (1.5.0)
    haml (3.0.24)
    haml-rails (0.3.4)
      actionpack (~> 3.0)
      activesupport (~> 3.0)
      haml (~> 3.0)
      railties (~> 3.0)
    has_scope (0.5.0)
    highline (1.6.1)
    hoptoad_notifier (2.3.12)
      activesupport
      builder
    httpclient (2.1.5.2)
    i18n (0.4.2)
    inherited_resources (1.1.2)
      has_scope (~> 0.5.0)
      responders (~> 0.6.0)
    jammit (0.5.4)
      closure-compiler (>= 0.1.0)
      yui-compressor (>= 0.9.1)
    json (1.4.6)
    json_pure (1.4.6)
    kgio (2.0.0)
    linecache (0.43)
    liquid (2.2.2)
    macaddr (1.0.0)
    machinist (2.0.0.beta2)
    mail (2.2.10)
      activesupport (>= 2.3.6)
      i18n (~> 0.4.1)
      mime-types (~> 1.16)
      treetop (~> 1.4.8)
    mail_form (1.3.0)
    mime-types (1.16)
    msales-carmen (0.1.4)
    net-scp (1.0.4)
      net-ssh (>= 1.99.1)
    net-sftp (2.0.5)
      net-ssh (>= 2.0.9)
    net-ssh (2.0.23)
    net-ssh-gateway (1.0.1)
      net-ssh (>= 1.99.1)
    pg (0.9.0)
    polyglot (0.3.1)
    rack (1.2.1)
    rack-mount (0.6.13)
      rack (>= 1.0.0)
    rack-test (0.5.6)
      rack (>= 1.0)
    rails (3.0.3)
      actionmailer (= 3.0.3)
      actionpack (= 3.0.3)
      activerecord (= 3.0.3)
      activeresource (= 3.0.3)
      activesupport (= 3.0.3)
      bundler (~> 1.0)
      railties (= 3.0.3)
    rails3-generators (0.14.0)
    railties (3.0.3)
      actionpack (= 3.0.3)
      activesupport (= 3.0.3)
      rake (>= 0.8.7)
      thor (~> 0.14.4)
    rake (0.8.7)
    rcov (0.9.9)
    redis (2.1.1)
    redis-namespace (0.8.0)
      redis (< 3.0.0)
    redisk (0.2.2)
      redis (>= 0.1.1)
      redis-namespace (>= 0.1.0)
    remarkable (4.0.0.alpha4)
      rspec (>= 2.0.0.alpha11)
    remarkable_activemodel (4.0.0.alpha4)
      remarkable (~> 4.0.0.alpha4)
      rspec (>= 2.0.0.alpha11)
    remarkable_activerecord (4.0.0.alpha4)
      remarkable (~> 4.0.0.alpha4)
      remarkable_activemodel (~> 4.0.0.alpha4)
      rspec (>= 2.0.0.alpha11)
    responders (0.6.2)
    resque (1.10.0)
      json (~> 1.4.6)
      redis-namespace (~> 0.8.0)
      sinatra (>= 0.9.2)
      vegas (~> 0.1.2)
    resque-status (0.2.0)
      redisk (>= 0.2.1)
      resque (>= 1.3.1)
      uuid (>= 2.0.2)
    rfc-822 (0.2.3)
    rpx_now (0.6.23)
      json_pure
    rr (1.0.2)
    rspec (2.1.0)
      rspec-core (~> 2.1.0)
      rspec-expectations (~> 2.1.0)
      rspec-mocks (~> 2.1.0)
    rspec-core (2.1.0)
    rspec-expectations (2.1.0)
      diff-lcs (~> 1.1.2)
    rspec-mocks (2.1.0)
    rspec-rails (2.1.0)
      rspec (~> 2.1.0)
    ruby-debug (0.10.4)
      columnize (>= 0.1)
      ruby-debug-base (~> 0.10.4.0)
    ruby-debug-base (0.10.4)
      linecache (>= 0.3)
    ruby-googlechart (0.6.4)
    rvm (1.1.1)
    show_for (0.2.3)
    shuriken (0.2.1)
    sinatra (1.1.0)
      rack (~> 1.1)
      tilt (~> 1.1)
    sitemap_generator (1.3.3)
    slugged (0.3.2)
      activerecord (~> 3.0.0)
      activesupport (~> 3.0.0)
      uuid
    soap4r (1.5.8)
      httpclient (>= 2.1.1)
    stringex (1.2.0)
    sys-uname (0.8.4)
    therubyracer (0.7.5)
    thor (0.14.6)
    tilt (1.1)
    title_estuary (1.2.0)
    treetop (1.4.9)
      polyglot (>= 0.3.1)
    tzinfo (0.3.23)
    unicorn (3.0.0)
      kgio (~> 2.0.0)
      rack
    uuid (2.3.1)
      macaddr (~> 1.0)
    validation_reflection (1.0.0)
    vegas (0.1.8)
      rack (>= 1.0.0)
    ydd (0.0.8)
      activerecord (~> 3.0.0)
      activesupport (~> 3.0.0)
      thor (~> 0.14)
    youthtree-capistrano (0.2.2)
      bundler (~> 1.0)
      capistrano
      rvm (~> 1.0)
      ydd
    youthtree-controller-ext (0.1.2)
      activesupport (>= 3.0.0.beta4)
    youthtree-helpers (0.1.4)
      actionpack (~> 3.0.0.rc)
      activesupport (~> 3.0.0.rc)
      youthtree-js
      youthtree-settings
    youthtree-js (0.2.0)
    youthtree-settings (0.1.4)
      activesupport (>= 3.0.0.beta4)
    yui-compressor (0.9.1)

PLATFORMS
  ruby

DEPENDENCIES
  SystemTimer
  ZenTest
  addresslogic (>= 1.2.1)
  annotate!
  authlogic!
  authlogic_rpx!
  autotest-fsevent
  autotest-growl
  awesome_print (= 0.2.1)
  barista (>= 0.7.0.pre2)
  bhm-google-maps (~> 0.2.0)
  campaigning
  compass (>= 0.10.4)
  compass-960-plugin (>= 0.9.13)
  compass-colors (>= 0.3.1)
  fancy-buttons (>= 0.5.4)
  fastercsv
  flickraw
  forgery
  formtastic (>= 1.1.0)
  geokit (>= 1.5.0)
  haml (>= 3.0.13)
  haml-rails
  hoptoad_notifier
  inherited_resources
  jammit (>= 0.5.0)
  json
  liquid
  machinist (>= 2.0.0.beta2)
  mail_form (>= 1.2.1)
  msales-carmen (>= 0.1.4)
  pg
  rails (= 3.0.3)
  rails3-generators
  rcov
  remarkable (>= 4.0.0.alpah4)
  remarkable_activerecord (>= 4.0.0.alpah4)
  responders
  resque (>= 1.10)
  resque-status
  rfc-822
  rpx_now
  rr
  rspec (>= 2.0.0.beta.22)
  rspec-rails (>= 2.0.0.beta.22)
  ruby-debug
  ruby-googlechart (>= 0.6.4)
  show_for
  shuriken (>= 0.2.0)
  sitemap_generator
  slugged (>= 0.3.1)
  state_machine (>= 0.9.0)!
  stringex
  therubyracer
  title_estuary (>= 1.2.0)
  unicorn
  uuid
  validation_reflection (>= 1.0.0.rc.1)
  will_paginate (>= 3.0.pre2)!
  ydd (~> 0.0.6)
  youthtree-capistrano (>= 0.2.2)
  youthtree-controller-ext (>= 0.1.2)
  youthtree-helpers
  youthtree-js (>= 0.2.0)
  youthtree-settings
