GIT
  remote: git://github.com/YouthTree/authlogic_rpx.git
  revision: 6f47fa034bec3bfa87f91b37d8c5fb12c4b24f5a
  specs:
    authlogic_rpx (1.2.0)
      authlogic (~> 3.0)
      rpx_now (~> 0.6.23)

GIT
  remote: git://github.com/mislav/will_paginate.git
  revision: b1a5beeec9f56ecbe3594fcdca76d92b6767ce50
  ref: rails3
  specs:
    will_paginate (3.0.pre3)

GIT
  remote: git://github.com/miyucy/annotate_models.git
  revision: ace84ab47a21a0fcbbed431051ea3a140a4f99f9
  specs:
    annotate (2.4.0)

GEM
  remote: http://rubygems.org/
  specs:
    POpen4 (0.1.4)
      Platform (>= 0.4.0)
      open4
    Platform (0.4.0)
    SystemTimer (1.2.3)
    ZenTest (4.5.0)
    abstract (1.0.0)
    actionmailer (3.0.7)
      actionpack (= 3.0.7)
      mail (~> 2.2.15)
    actionpack (3.0.7)
      activemodel (= 3.0.7)
      activesupport (= 3.0.7)
      builder (~> 2.1.2)
      erubis (~> 2.6.6)
      i18n (~> 0.5.0)
      rack (~> 1.2.1)
      rack-mount (~> 0.6.14)
      rack-test (~> 0.5.7)
      tzinfo (~> 0.3.23)
    activemodel (3.0.7)
      activesupport (= 3.0.7)
      builder (~> 2.1.2)
      i18n (~> 0.5.0)
    activerecord (3.0.7)
      activemodel (= 3.0.7)
      activesupport (= 3.0.7)
      arel (~> 2.0.2)
      tzinfo (~> 0.3.23)
    activeresource (3.0.7)
      activemodel (= 3.0.7)
      activesupport (= 3.0.7)
    activesupport (3.0.7)
    addresslogic (1.2.1)
    arel (2.0.10)
    authlogic (3.0.3)
      activerecord (>= 3.0.7)
      activerecord (>= 3.0.7)
    autotest-fsevent (0.2.5)
      sys-uname
    autotest-growl (0.2.9)
    awesome_print (0.2.1)
    barista (1.1.0)
      coffee-script (~> 2.1)
    bhm-google-maps (0.2.1)
    builder (2.1.2)
    campaigning (0.15.0)
      soap4r (~> 1.5.0)
    capistrano (2.6.0)
      highline
      net-scp (>= 1.0.0)
      net-sftp (>= 2.0.0)
      net-ssh (>= 2.0.14)
      net-ssh-gateway (>= 1.1.0)
    chunky_png (1.2.0)
    ci_reporter (1.6.4)
      builder (>= 2.1.2)
    closure-compiler (1.1.1)
    coffee-script (2.1.3)
      coffee-script-source
    coffee-script-source (1.1.1)
    columnize (0.3.2)
    compass (0.11.1)
      chunky_png (~> 1.1)
      fssm (>= 0.2.7)
      sass (~> 3.1)
    compass-960-plugin (0.10.3)
      compass (>= 0.10.0)
    compass-colors (0.9.0)
      compass (>= 0.8.7)
    diff-lcs (1.1.2)
    erubis (2.6.6)
      abstract (>= 1.0.0)
    fancy-buttons (1.1.1)
      compass (>= 0.11)
    fastercsv (1.5.4)
    flickraw (0.8.4)
      json (>= 1.1.1)
    forgery (0.3.8)
      nokogiri (~> 1.4)
    formtastic (1.2.3)
      actionpack (>= 2.3.7)
      activesupport (>= 2.3.7)
      i18n (~> 0.4)
    fssm (0.2.7)
    geokit (1.5.0)
    growl (1.0.3)
    guard (0.3.4)
      thor (~> 0.14.6)
    guard-rspec (0.3.1)
      guard (>= 0.2.2)
    haml (3.1.1)
    haml-rails (0.3.4)
      actionpack (~> 3.0)
      activesupport (~> 3.0)
      haml (~> 3.0)
      railties (~> 3.0)
    has_scope (0.5.0)
    highline (1.6.2)
    hoptoad_notifier (2.4.10)
      activesupport
      builder
    httpclient (2.2.0.2)
    i18n (0.5.0)
    inherited_resources (1.2.2)
      has_scope (~> 0.5.0)
      responders (~> 0.6.0)
    jammit (0.6.0)
      closure-compiler (>= 0.1.0)
      yui-compressor (>= 0.9.1)
    json (1.5.1)
    json_pure (1.5.1)
    kgio (2.4.1)
    linecache (0.43)
    liquid (2.2.2)
    macaddr (1.0.0)
    machinist (2.0.0.beta2)
    mail (2.2.19)
      activesupport (>= 2.3.6)
      i18n (>= 0.4.0)
      mime-types (~> 1.16)
      treetop (~> 1.4.8)
    mail_form (1.3.0)
    meta_search (1.0.5)
      actionpack (~> 3.0.2)
      activerecord (~> 3.0.2)
      activesupport (~> 3.0.2)
      arel (~> 2.0.2)
    mime-types (1.16)
    msales-carmen (0.1.4)
    net-scp (1.0.4)
      net-ssh (>= 1.99.1)
    net-sftp (2.0.5)
      net-ssh (>= 2.0.9)
    net-ssh (2.1.4)
    net-ssh-gateway (1.1.0)
      net-ssh (>= 1.99.1)
    nokogiri (1.4.4)
    open4 (1.0.1)
    pg (0.11.0)
    polyglot (0.3.1)
    rack (1.2.3)
    rack-mount (0.6.14)
      rack (>= 1.0.0)
    rack-test (0.5.7)
      rack (>= 1.0)
    rails (3.0.7)
      actionmailer (= 3.0.7)
      actionpack (= 3.0.7)
      activerecord (= 3.0.7)
      activeresource (= 3.0.7)
      activesupport (= 3.0.7)
      bundler (~> 1.0)
      railties (= 3.0.7)
    rails-erd (0.4.5)
      activerecord (~> 3.0)
      activesupport (~> 3.0)
      ruby-graphviz (~> 0.9.18)
    rails3-generators (0.17.4)
      railties (>= 3.0.0)
    railties (3.0.7)
      actionpack (= 3.0.7)
      activesupport (= 3.0.7)
      rake (>= 0.8.7)
      thor (~> 0.14.4)
    rake (0.8.7)
    rb-fsevent (0.4.0)
    rcov (0.9.9)
    redis (2.2.0)
    redis-namespace (1.0.3)
      redis (< 3.0.0)
    redisk (0.2.2)
      redis (>= 0.1.1)
      redis-namespace (>= 0.1.0)
    remarkable (4.0.0.alpha4)
      rspec (>= 2.0.0.alpha11)
    remarkable_activemodel (4.0.0.alpha4)
      remarkable (~> 4.0.0.alpha4)
      rspec (>= 2.0.0.alpha11)
    remarkable_activerecord (4.0.0.alpha4)
      remarkable (~> 4.0.0.alpha4)
      remarkable_activemodel (~> 4.0.0.alpha4)
      rspec (>= 2.0.0.alpha11)
    responders (0.6.4)
    resque (1.16.1)
      json (< 1.6, >= 1.4.6)
      redis-namespace (~> 1.0.2)
      sinatra (>= 0.9.2)
      vegas (~> 0.1.2)
    resque-status (0.2.3)
      redisk (>= 0.2.1)
      resque (>= 1.3.1)
      uuid (>= 2.0.2)
    rfc-822 (0.3.0)
    rpx_now (0.6.23)
      json_pure
    rr (1.0.2)
    rspec (2.6.0)
      rspec-core (~> 2.6.0)
      rspec-expectations (~> 2.6.0)
      rspec-mocks (~> 2.6.0)
    rspec-core (2.6.2)
    rspec-expectations (2.6.0)
      diff-lcs (~> 1.1.2)
    rspec-mocks (2.6.0)
    rspec-rails (2.6.0)
      actionpack (~> 3.0)
      activesupport (~> 3.0)
      railties (~> 3.0)
      rspec (~> 2.6.0)
    ruby-debug (0.10.4)
      columnize (>= 0.1)
      ruby-debug-base (~> 0.10.4.0)
    ruby-debug-base (0.10.4)
      linecache (>= 0.3)
    ruby-googlechart (0.6.4)
    ruby-graphviz (0.9.21)
    rvm (1.6.13)
    sass (3.1.1)
    show_for (0.2.4)
    shuriken (0.2.1)
    sinatra (1.2.6)
      rack (~> 1.1)
      tilt (< 2.0, >= 1.2.2)
    sitemap_generator (2.0.0)
    slugged (0.4.0)
      activerecord (~> 3.0.0)
      activesupport (~> 3.0.0)
      uuid
    soap4r (1.5.8)
      httpclient (>= 2.1.1)
    state_machine (1.0.0)
    stringex (1.2.1)
    sys-uname (0.8.5)
    therubyracer (0.8.1)
    thor (0.14.6)
    tilt (1.3.1)
    title_estuary (1.2.0)
    treetop (1.4.9)
      polyglot (>= 0.3.1)
    tzinfo (0.3.27)
    unicorn (3.6.2)
      kgio (~> 2.3)
      rack
    uuid (2.3.2)
      macaddr (~> 1.0)
    validation_reflection (1.0.0)
    vegas (0.1.8)
      rack (>= 1.0.0)
    ydd (0.0.11)
      activerecord
      activesupport
      thor (~> 0.14)
    youthtree-capistrano (0.3.1)
      bundler (~> 1.0)
      capistrano
      rvm (~> 1.0)
      ydd
    youthtree-controller-ext (0.1.2)
      activesupport (>= 3.0.0.beta4)
    youthtree-helpers (0.2.0)
      actionpack (~> 3.0.0.rc)
      activesupport (~> 3.0.0.rc)
      formtastic (~> 1.2)
      youthtree-js
      youthtree-settings
    youthtree-js (0.4.1)
    youthtree-settings (0.3.0)
      activesupport (~> 3.0.1)
    yui-compressor (0.9.6)
      POpen4 (>= 0.1.4)

PLATFORMS
  ruby

DEPENDENCIES
  SystemTimer
  ZenTest
  addresslogic (>= 1.2.1)
  annotate!
  authlogic (~> 3.0.0)
  authlogic_rpx (~> 1.2.0)!
  autotest-fsevent
  autotest-growl
  awesome_print (= 0.2.1)
  barista (>= 0.7.0.pre2)
  bhm-google-maps (~> 0.2.0)
  campaigning
  ci_reporter (~> 1.6.3)
  coffee-script (~> 2.1.0)
  compass (>= 0.10.4)
  compass-960-plugin (>= 0.9.13)
  compass-colors (>= 0.3.1)
  fancy-buttons (>= 0.5.4)
  fastercsv
  flickraw
  forgery
  formtastic (>= 1.1.0)
  geokit (>= 1.5.0)
  growl
  guard
  guard-rspec
  haml (>= 3.0.13)
  haml-rails
  hoptoad_notifier
  inherited_resources
  jammit (>= 0.5.0)
  json
  liquid
  machinist (>= 2.0.0.beta2)
  mail_form (>= 1.2.1)
  meta_search
  msales-carmen (>= 0.1.4)
  pg
  rails (= 3.0.7)
  rails-erd
  rails3-generators
  rake (~> 0.8.0)
  rb-fsevent
  rcov
  remarkable (>= 4.0.0.alpha4)
  remarkable_activerecord (>= 4.0.0.alpha4)
  responders
  resque (>= 1.10)
  resque-status
  rfc-822
  rpx_now
  rr
  rspec (~> 2.1)
  rspec-rails (~> 2.1)
  ruby-debug
  ruby-googlechart (>= 0.6.4)
  show_for
  shuriken (>= 0.2.0)
  sitemap_generator
  slugged (>= 0.3.1)
  state_machine (~> 1.0.0)
  stringex
  therubyracer
  title_estuary (>= 1.2.0)
  unicorn
  uuid
  validation_reflection (>= 1.0.0.rc.1)
  will_paginate (>= 3.0.pre2)!
  ydd (~> 0.0.6)
  youthtree-capistrano (>= 0.2.2)
  youthtree-controller-ext (>= 0.1.2)
  youthtree-helpers
  youthtree-js (>= 0.3.0)
  youthtree-settings
